GIT
  remote: https://github.com/cloudwalkio/da_funk.git
  revision: 2143b4a221f84cf5e591aed264ace26598651791
  specs:
    da_funk (0.4.13)
      bundler (~> 1.7)
      cloudwalk_handshake (~> 0.4)
      rake (~> 10.4)
      yard (~> 0.8)

GIT
  remote: https://github.com/cloudwalkio/simplehttp.git
  revision: 5b1e7813e9b5653d3005f799a1a4bd3871596dd9
  specs:
    simplehttp (0.4.1)

GEM
  remote: https://rubygems.org/
  specs:
    cloudwalk_handshake (0.4.5)
    rake (10.4.2)
    yard (0.8.7.6)

PLATFORMS
  ruby

DEPENDENCIES
  da_funk!
  rake
  simplehttp!
